PATH
  remote: .
  specs:
    ruby_broker (0.0.1)
      grpc (~> 1.0)
      multi_json (~> 1.13.1)

GEM
  remote: https://rubygems.org/
  specs:
    google-protobuf (3.14.0)
    googleapis-common-protos-types (1.0.5)
      google-protobuf (~> 3.11)
    grpc (1.32.0)
      google-protobuf (~> 3.13)
      googleapis-common-protos-types (~> 1.0)
    grpc-tools (1.32.0)
    multi_json (1.13.1)

PLATFORMS
  ruby

DEPENDENCIES
  bundler (>= 1.9)
  grpc-tools (>= 1.32)
  ruby_broker!

BUNDLED WITH
   2.1.4
